GEM
  remote: https://rubygems.org/
  specs:
    mimemagic (0.3.5)

PLATFORMS
  ruby

DEPENDENCIES
  mimemagic

BUNDLED WITH
   2.1.4
